GEM
  remote: https://rubygems.org/
  specs:
    mustermann (2.0.2)
      ruby2_keywords (~> 0.0.1)
    nio4r (2.5.8)
    puma (5.6.5)
      nio4r (~> 2.0)
    rack (2.2.6.4)
    rack-protection (2.2.4)
      rack
    ruby2_keywords (0.0.5)
    sinatra (2.2.4)
      mustermann (~> 2.0)
      rack (~> 2.2)
      rack-protection (= 2.2.4)
      tilt (~> 2.0)
    tilt (2.1.0)

PLATFORMS
  arm64-darwin-21
  x86_64-linux

DEPENDENCIES
  puma (~> 5.6)
  sinatra (~> 2.2)

BUNDLED WITH
   2.4.7
